FRAMEWORK: >= NET45
NUGET
  remote: http://api.nuget.org/v3/index.json
  specs:
    FAKE (4.15.1)
    FParsec (1.0.2)
    FSharp.Core (4.0.0.1)
    FsUnit.xUnit (1.4.1)
      FSharp.Core (>= 3.1.2.5)
      xunit (2.1.0)
    Microsoft.CodeAnalysis.Analyzers (1.1.0)
    Microsoft.CodeAnalysis.Common (1.1.1)
      Microsoft.CodeAnalysis.Analyzers (>= 1.1.0)
      System.Collections.Immutable (>= 1.1.37)
      System.Reflection.Metadata (>= 1.1.0)
    Microsoft.CodeAnalysis.CSharp (1.1.1)
      Microsoft.CodeAnalysis.Common (1.1.1)
    Microsoft.CodeAnalysis.CSharp.Workspaces (1.1.1)
      Microsoft.CodeAnalysis.CSharp (1.1.1)
      Microsoft.CodeAnalysis.Workspaces.Common (1.1.1)
    Microsoft.CodeAnalysis.Workspaces.Common (1.1.1)
      Microsoft.CodeAnalysis.Common (1.1.1)
      Microsoft.Composition (>= 1.0.27)
    Microsoft.Composition (1.0.30)
    Nuget.CommandLine (3.3.0)
    protobuf-net (2.0.0.668)
    SourceLink.Fake (1.1.0)
    System.Collections (4.0.10)
    System.Collections.Immutable (1.1.37)
    System.Diagnostics.Debug (4.0.10)
    System.IO (4.0.10)
    System.Reflection (4.0.10)
    System.Reflection.Extensions (4.0.0)
    System.Reflection.Metadata (1.1.0)
      System.Collections (>= 4.0.0)
      System.Collections.Immutable (>= 1.1.37)
      System.Diagnostics.Debug (>= 4.0.0)
      System.IO (>= 4.0.0)
      System.Reflection (>= 4.0.0)
      System.Reflection.Extensions (>= 4.0.0)
      System.Reflection.Primitives (>= 4.0.0)
      System.Resources.ResourceManager (>= 4.0.0)
      System.Runtime (>= 4.0.0)
      System.Runtime.Extensions (>= 4.0.0)
      System.Runtime.InteropServices (>= 4.0.0)
      System.Text.Encoding (>= 4.0.0)
      System.Text.Encoding.Extensions (>= 4.0.0)
      System.Threading (>= 4.0.0)
    System.Reflection.Primitives (4.0.0)
    System.Resources.ResourceManager (4.0.0)
    System.Runtime (4.0.20)
    System.Runtime.Extensions (4.0.10)
    System.Runtime.InteropServices (4.0.20)
    System.Text.Encoding (4.0.10)
    System.Text.Encoding.Extensions (4.0.10)
    System.Threading (4.0.10)
    xunit (2.1.0)
      xunit.assert (2.1.0)
      xunit.core (2.1.0)
    xunit.abstractions (2.0.0)
    xunit.assert (2.1.0)
    xunit.core (2.1.0)
      xunit.extensibility.core (2.1.0)
      xunit.extensibility.execution (2.1.0)
    xunit.extensibility.core (2.1.0)
      xunit.abstractions (2.0.0)
    xunit.extensibility.execution (2.1.0)
      xunit.extensibility.core (2.1.0)
    xunit.runner.console (2.1.0)
    xunit.runner.visualstudio (2.1.0) - version_in_path: true
